GEM
  remote: https://rubygems.org/
  specs:
    byebug (11.0.1)
    rack (2.0.7)
    sequel (5.19.0)
    sqlite3 (1.4.1)

PLATFORMS
  ruby

DEPENDENCIES
  byebug
  rack
  sequel
  sqlite3

BUNDLED WITH
   2.0.1
